GIT
  remote: http://github.com/jnunemaker/joint.git
  revision: 7b57af6706c1dbcaa36dda4fe6271b47b2a4dab6
  specs:
    joint (0.5)
      mime-types
      mongo_mapper (~> 0.8.6)
      wand (~> 0.2.1)

GIT
  remote: http://github.com/jnunemaker/mongomapper.git
  revision: dd3b68f10f87bcf3662956707ef508b318a6ccd2
  specs:
    mongo_mapper (0.8.6)
      activesupport (>= 2.3.4)
      jnunemaker-validatable (~> 1.8.4)
      plucky (~> 0.3.6)

GIT
  remote: http://github.com/monkrb/glue.git
  revision: 8a59f5c27b98399f80e9289530675366ad298b4c
  specs:
    monk-glue (0.0.1)

GIT
  remote: http://github.com/quirkey/jim.git
  revision: f2a5d6a9b210d59d5ddb9131456b2cd74de98c9d
  specs:
    jim (0.3.0.pre)
      downlow (~> 0.1.3)
      downlow (~> 0.1.4)
      fakeweb (>= 1.2.8)
      fssm (~> 0.2.0)
      fssm
      leftright
      mocha
      shoulda
      thor
      thor (~> 0.14.4)
      version_sorter (~> 1.1.0)
      version_sorter (~> 1.1.0)
      yajl-ruby
      yajl-ruby

GEM
  remote: http://rubygems.org/
  specs:
    activesupport (3.0.3)
    archive-tar-minitar (0.5.2)
    bson (1.1)
    bson_ext (1.1)
    capybara (0.4.0)
      celerity (>= 0.7.9)
      culerity (>= 0.2.4)
      mime-types (>= 1.16)
      nokogiri (>= 1.3.3)
      rack (>= 1.0.0)
      rack-test (>= 0.5.4)
      selenium-webdriver (>= 0.0.27)
      xpath (~> 0.1.2)
    celerity (0.8.4)
    childprocess (0.1.4)
      ffi (~> 0.6.3)
    culerity (0.2.12)
    daemons (1.1.0)
    diff-lcs (1.1.2)
    downlow (0.1.4)
      archive-tar-minitar (>= 0.5.2)
      rubyzip (>= 0.9.4)
    eventmachine (0.12.10)
    faker (0.3.1)
    fakeweb (1.3.0)
    ffi (0.6.3)
      rake (>= 0.8.7)
    fssm (0.2.0)
    haml (3.0.24)
    i18n (0.5.0)
    jnunemaker-validatable (1.8.4)
      activesupport (>= 2.3.4)
    json (1.4.6)
    json_pure (1.4.6)
    leftright (0.9.0)
    machinist (1.0.6)
    machinist_mongo (1.1.1)
      machinist (~> 1.0.4)
    maruku (0.6.0)
      syntax (>= 1.0.0)
    mime-types (1.16)
    mini_magick (3.1)
      subexec (~> 0.0.4)
    mocha (0.9.10)
      rake
    mongo (1.1)
      bson (>= 1.0.5)
    mongo_ext (0.19.3)
    nokogiri (1.4.4)
    phony (1.1.0)
    plucky (0.3.6)
      mongo (~> 1.1)
    rack (1.2.1)
    rack-flash (0.1.1)
      rack
    rack-test (0.5.6)
      rack (>= 1.0)
    rake (0.8.7)
    rspec (2.1.0)
      rspec-core (~> 2.1.0)
      rspec-expectations (~> 2.1.0)
      rspec-mocks (~> 2.1.0)
    rspec-core (2.1.0)
    rspec-expectations (2.1.0)
      diff-lcs (~> 1.1.2)
    rspec-mocks (2.1.0)
    rubyzip (0.9.4)
    selenium-webdriver (0.1.1)
      childprocess (= 0.1.4)
      ffi (~> 0.6.3)
      json_pure
      rubyzip
    shoulda (2.11.3)
    sinatra (1.1.0)
      rack (~> 1.1)
      tilt (~> 1.1)
    sinatra-namespace (0.6.1)
      sinatra (~> 1.1)
    steak (1.0.0)
      rspec
    subexec (0.0.4)
    syntax (1.0.0)
    test-unit (2.1.2)
    thin (1.2.7)
      daemons (>= 1.0.9)
      eventmachine (>= 0.12.6)
      rack (>= 1.0.0)
    thor (0.14.6)
    tilt (1.1)
    version_sorter (1.1.0)
    wand (0.2.1)
      mime-types
    xpath (0.1.2)
      nokogiri (~> 1.3)
    yajl-ruby (0.7.8)

PLATFORMS
  ruby

DEPENDENCIES
  activesupport
  bson (= 1.1)
  bson_ext (= 1.1)
  capybara
  faker
  haml
  i18n
  jim!
  joint!
  json
  machinist_mongo
  maruku
  mini_magick
  mongo (= 1.1)
  mongo_ext
  mongo_mapper!
  monk-glue!
  phony
  rack
  rack-flash
  rack-test
  rspec (= 2.1.0)
  sinatra (= 1.1.0)
  sinatra-namespace
  steak (>= 1.0.0.rc.1)
  test-unit
  thin
  thor
